GEM
  remote: https://rubygems.org/
  specs:
    bcrypt (3.1.18)
    bigdecimal (3.1.2)
    daemons (1.4.1)
    date (3.2.2)
    diff-lcs (1.5.0)
    eventmachine (1.2.7)
    mail (2.7.1)
      mini_mime (>= 0.1.1)
    mini_mime (1.1.2)
    multi_json (1.15.0)
    mustermann (1.1.1)
      ruby2_keywords (~> 0.0.1)
    pg (1.4.1)
    pony (1.13.1)
      mail (>= 2.0)
    rack (2.2.3.1)
    rack-protection (2.2.0)
      rack
    rack-test (2.0.0)
      rack (>= 1.3)
    racksh (1.0.0)
      rack (>= 1.0)
      rack-test (>= 0.5)
    rake (11.3.0)
    require_all (3.0.0)
    rspec (3.11.0)
      rspec-core (~> 3.11.0)
      rspec-expectations (~> 3.11.0)
      rspec-mocks (~> 3.11.0)
    rspec-core (3.11.0)
      rspec-support (~> 3.11.0)
    rspec-expectations (3.11.0)
      diff-lcs (>= 1.2.0, < 2.0)
      rspec-support (~> 3.11.0)
    rspec-mocks (3.11.1)
      diff-lcs (>= 1.2.0, < 2.0)
      rspec-support (~> 3.11.0)
    rspec-support (3.11.0)
    ruby2_keywords (0.0.5)
    sequel (5.57.0)
    sinatra (2.2.0)
      mustermann (~> 1.0)
      rack (~> 2.2)
      rack-protection (= 2.2.0)
      tilt (~> 2.0)
    sinatra-contrib (2.2.0)
      multi_json
      mustermann (~> 1.0)
      rack-protection (= 2.2.0)
      sinatra (= 2.2.0)
      tilt (~> 2.0)
    sysrandom (1.0.5)
    thin (1.8.1)
      daemons (~> 1.0, >= 1.0.9)
      eventmachine (~> 1.0, >= 1.0.4)
      rack (>= 1, < 3)
    tilt (2.0.10)

PLATFORMS
  x86_64-linux

DEPENDENCIES
  bcrypt (~> 3.1, >= 3.1.17)
  bigdecimal (~> 3.1, >= 3.1.1)
  date
  pg
  pony (~> 1.11)
  racksh (~> 1.0)
  rake (~> 11.2, >= 11.2.2)
  require_all
  rspec (~> 3.4)
  sequel (~> 5.55)
  sinatra (= 2.2.0)
  sinatra-contrib (~> 2.1)
  sysrandom
  thin (~> 1.8, >= 1.8.1)

RUBY VERSION
   ruby 3.1.0p0

BUNDLED WITH
   2.3.13
